GEM
  remote: http://rubygems.org/
  specs:
    builder (2.1.2)
    crack (0.1.6)
    cucumber (0.8.5)
      builder (~> 2.1.2)
      diff-lcs (~> 1.1.2)
      gherkin (~> 2.1.4)
      json_pure (~> 1.4.3)
      term-ansicolor (~> 1.0.4)
    diff-lcs (1.1.2)
    gherkin (2.1.5)
      trollop (~> 1.16.2)
    httparty (0.5.2)
      crack (= 0.1.6)
    json (1.4.6)
    json_pure (1.4.6)
    rake (0.8.7)
    rspec (1.3.0)
    term-ansicolor (1.0.5)
    thor (0.13.8)
    trollop (1.16.2)
    yajl-ruby (0.7.7)

PLATFORMS
  ruby

DEPENDENCIES
  builder (~> 2.1.2)
  cucumber (~> 0.8.5)
  httparty (~> 0.5.2)
  json (~> 1.4.0)
  rake
  rspec (~> 1.3.0)
  term-ansicolor (>= 1.0.4)
  thor (~> 0.13.6)
  yajl-ruby (>= 0.7.6)
