PATH
  remote: .
  specs:
    hudson (0.3.0.beta.1)
      activesupport (~> 3.0.0)
      builder (~> 2.1.2)
      hpricot
      httparty (~> 0.5.2)
      term-ansicolor (>= 1.0.4)
      thor (= 0.14.2)
      yajl-ruby (>= 0.7.6)

GEM
  remote: http://rubygems.org/
  specs:
    activesupport (3.0.0)
    awesome_print (0.2.1)
    builder (2.1.2)
    crack (0.1.6)
    cucumber (0.9.0)
      builder (~> 2.1.2)
      diff-lcs (~> 1.1.2)
      gherkin (~> 2.2.2)
      json (~> 1.4.6)
      term-ansicolor (~> 1.0.5)
    diff-lcs (1.1.2)
    gherkin (2.2.8)
      json (~> 1.4.6)
      term-ansicolor (~> 1.0.5)
    hpricot (0.8.2)
    httparty (0.5.2)
      crack (= 0.1.6)
    json (1.4.6)
    rake (0.8.7)
    rspec (2.0.0.rc)
      rspec-core (= 2.0.0.rc)
      rspec-expectations (= 2.0.0.rc)
      rspec-mocks (= 2.0.0.rc)
    rspec-core (2.0.0.rc)
    rspec-expectations (2.0.0.rc)
      diff-lcs (>= 1.1.2)
    rspec-mocks (2.0.0.rc)
      rspec-core (= 2.0.0.rc)
      rspec-expectations (= 2.0.0.rc)
    term-ansicolor (1.0.5)
    thor (0.14.2)
    yajl-ruby (0.7.8)

PLATFORMS
  ruby

DEPENDENCIES
  activesupport (~> 3.0.0)
  awesome_print
  builder (~> 2.1.2)
  cucumber (~> 0.9.0)
  hpricot
  httparty (~> 0.5.2)
  hudson!
  json (~> 1.4.0)
  rake (~> 0.8.7)
  rspec (~> 2.0.0.beta)
  term-ansicolor (>= 1.0.4)
  thor (= 0.14.2)
  yajl-ruby (>= 0.7.6)
