PATH
  remote: .
  specs:
    hudson (0.6.0)
      jenkins

GEM
  remote: http://rubygems.org/
  specs:
    builder (2.1.2)
    crack (0.1.8)
    hpricot (0.8.3)
    httparty (0.6.1)
      crack (= 0.1.8)
    jenkins (0.6.0)
      builder (~> 2.1.2)
      hpricot
      httparty (~> 0.6.1)
      term-ansicolor (>= 1.0.4)
      thor (~> 0.14.2)
      yajl-ruby (>= 0.7.6)
    term-ansicolor (1.0.5)
    thor (0.14.6)
    yajl-ruby (0.7.8)

PLATFORMS
  ruby

DEPENDENCIES
  hudson!
