PATH
  remote: .
  specs:
    hudson (0.2.7)
      builder (~> 2.1.2)
      hpricot
      httparty (~> 0.5.2)
      term-ansicolor (>= 1.0.4)
      thor (= 0.14.2)
      yajl-ruby (>= 0.7.6)

GEM
  remote: http://rubygems.org/
  specs:
    builder (2.1.2)
    crack (0.1.6)
    cucumber (0.7.3)
      builder (>= 2.1.2)
      diff-lcs (>= 1.1.2)
      gherkin (>= 1.0.27)
      json_pure (>= 1.2.4)
      term-ansicolor (>= 1.0.4)
    diff-lcs (1.1.2)
    gherkin (2.2.8)
      json (~> 1.4.6)
      term-ansicolor (~> 1.0.5)
    hpricot (0.8.2)
    httparty (0.5.2)
      crack (= 0.1.6)
    json (1.4.6)
    json_pure (1.4.6)
    rspec (1.3.1)
    term-ansicolor (1.0.5)
    thor (0.14.2)
    yajl-ruby (0.7.8)

PLATFORMS
  ruby

DEPENDENCIES
  builder (~> 2.1.2)
  cucumber (~> 0.7.3)
  hpricot
  httparty (~> 0.5.2)
  hudson!
  json (~> 1.4.0)
  rspec (~> 1.3.0)
  term-ansicolor (>= 1.0.4)
  thor (= 0.14.2)
  yajl-ruby (>= 0.7.6)
